GEM
  remote: https://rubygems.org/
  specs:
    language_server-protocol (3.17.0.0)
    mustermann (1.1.1)
      ruby2_keywords (~> 0.0.1)
    prettier_print (0.1.0)
    rack (2.2.3)
    rack-protection (2.1.0)
      rack
    rack-test (1.1.0)
      rack (>= 1.0, < 3)
    ruby-lsp (0.3.0)
      language_server-protocol
      sorbet-runtime
      syntax_tree (>= 3.4)
    ruby2_keywords (0.0.5)
    sinatra (2.1.0)
      mustermann (~> 1.0)
      rack (~> 2.2)
      rack-protection (= 2.1.0)
      tilt (~> 2.0)
    sorbet-runtime (0.5.10398)
    syntax_tree (3.5.0)
      prettier_print
    tilt (2.0.10)

PLATFORMS
  universal-darwin-20
  x86_64-linux

DEPENDENCIES
  rack-test (~> 1.1)
  ruby-lsp (~> 0.3.0)
  sinatra (~> 2.1)

BUNDLED WITH
   2.2.23
